PATH
  remote: .
  specs:
    virtual_associations (0.1.0)
      activerecord (>= 4.0)

GEM
  remote: https://rubygems.org/
  specs:
    activemodel (4.0.13)
      activesupport (= 4.0.13)
      builder (~> 3.1.0)
    activerecord (4.0.13)
      activemodel (= 4.0.13)
      activerecord-deprecated_finders (~> 1.0.2)
      activesupport (= 4.0.13)
      arel (~> 4.0.0)
    activerecord-deprecated_finders (1.0.4)
    activesupport (4.0.13)
      i18n (~> 0.6, >= 0.6.9)
      minitest (~> 4.2)
      multi_json (~> 1.3)
      thread_safe (~> 0.1)
      tzinfo (~> 0.3.37)
    arel (4.0.2)
    builder (3.1.4)
    concurrent-ruby (1.2.2)
    i18n (0.9.5)
      concurrent-ruby (~> 1.0)
    minitest (4.7.5)
    multi_json (1.15.0)
    rake (10.5.0)
    thread_safe (0.3.6)
    tzinfo (0.3.61)

PLATFORMS
  -darwin-21

DEPENDENCIES
  minitest (~> 4.7, >= 4.7.5)
  rake (~> 10.2)
  virtual_associations!

BUNDLED WITH
   2.2.33
